PATH
  remote: .
  specs:
    bettercap (1.1.3)
      colorize (~> 0.7.5)
      packetfu (~> 1.1.10)
      pcaprub (~> 0.12.0)

GEM
  remote: https://rubygems.org/
  specs:
    colorize (0.7.7)
    minitest (5.7.0)
    packetfu (1.1.10)
    pcaprub (0.12.0)

PLATFORMS
  ruby

DEPENDENCIES
  bettercap!
  minitest

BUNDLED WITH
   1.10.3
