PATH
  remote: .
  specs:
    bettercap (1.1.11b)
      colorize (~> 0.7.5)
      network_interface (~> 0.0.1)
      packetfu (~> 1.1.10)
      pcaprub (~> 0.12.0)

GEM
  remote: https://rubygems.org/
  specs:
    colorize (0.7.5)
    network_interface (0.0.1)
    packetfu (1.1.10)
    pcaprub (0.12.0)

PLATFORMS
  ruby

DEPENDENCIES
  bettercap!

BUNDLED WITH
   1.11.2
